GEM
  remote: https://rubygems.org/
  specs:
    minitest (5.14.1)
    ruby2d (0.9.4)

PLATFORMS
  x64-mingw32

DEPENDENCIES
  minitest (~> 5)
  ruby2d

BUNDLED WITH
   2.1.4
